GIT
  remote: git://github.com/wazery/vider.git
  revision: 9647256685a0ee0f4712267e0ce715207a99e972
  specs:
    vider (0.0.1)
      rails (>= 4.1.6)

GEM
  remote: https://rubygems.org/
  specs:
    actionmailer (4.1.8)
      actionpack (= 4.1.8)
      actionview (= 4.1.8)
      mail (~> 2.5, >= 2.5.4)
    actionpack (4.1.8)
      actionview (= 4.1.8)
      activesupport (= 4.1.8)
      rack (~> 1.5.2)
      rack-test (~> 0.6.2)
    actionview (4.1.8)
      activesupport (= 4.1.8)
      builder (~> 3.1)
      erubis (~> 2.7.0)
    activemodel (4.1.8)
      activesupport (= 4.1.8)
      builder (~> 3.1)
    activerecord (4.1.8)
      activemodel (= 4.1.8)
      activesupport (= 4.1.8)
      arel (~> 5.0.0)
    activesupport (4.1.8)
      i18n (~> 0.6, >= 0.6.9)
      json (~> 1.7, >= 1.7.7)
      minitest (~> 5.1)
      thread_safe (~> 0.1)
      tzinfo (~> 1.1)
    acts_as_list (0.4.0)
      activerecord (>= 3.0)
    acts_as_tree (1.5.1)
      activerecord (>= 3.0.0)
    addressable (2.3.5)
    airbrake (3.1.15)
      builder
      multi_json
    arel (5.0.1.20140414130214)
    asset_sync (1.0.0)
      activemodel
      fog (>= 1.8.0)
    atomic (1.1.16)
    bcrypt (3.1.7)
    bourbon (3.1.8)
      sass (>= 3.2.0)
      thor
    buftok (0.2.0)
    builder (3.2.2)
    cancan (1.6.10)
    carrierwave (0.10.0)
      activemodel (>= 3.2.0)
      activesupport (>= 3.2.0)
      json (>= 1.7)
      mime-types (>= 1.16)
    celluloid (0.15.2)
      timers (~> 1.1.0)
    certified (0.1.1)
    configatron (3.0.1)
    connection_pool (2.0.0)
    dalli (2.7.0)
    devise (3.2.4)
      bcrypt (~> 3.0)
      orm_adapter (~> 0.1)
      railties (>= 3.2.6, < 5)
      thread_safe (~> 0.1)
      warden (~> 1.2.3)
    easypost (2.0.11)
      multi_json (>= 1.0.4, < 2)
      rest-client (~> 1.4)
    elasticsearch (1.0.1)
      elasticsearch-api (= 1.0.1)
      elasticsearch-transport (= 1.0.1)
    elasticsearch-api (1.0.1)
      multi_json
    elasticsearch-model (0.1.0)
      activesupport (> 3)
      elasticsearch (> 0.4)
      hashie
    elasticsearch-rails (0.1.0)
    elasticsearch-transport (1.0.1)
      faraday
      multi_json
    equalizer (0.0.9)
    erubis (2.7.0)
    excon (0.31.0)
    execjs (2.0.2)
    faraday (0.9.0)
      multipart-post (>= 1.2, < 3)
    fog (1.20.0)
      builder
      excon (~> 0.31.0)
      formatador (~> 0.2.0)
      mime-types
      multi_json (~> 1.0)
      net-scp (~> 1.1)
      net-ssh (>= 2.1.3)
      nokogiri (>= 1.5.11)
    formatador (0.2.4)
    hashie (2.1.1)
    hike (1.2.3)
    http (0.5.0)
      http_parser.rb
    http_parser.rb (0.6.0)
    i18n (0.6.11)
    jquery-fileupload-rails (0.4.1)
      actionpack (>= 3.1)
      railties (>= 3.1)
    jquery-rails (3.1.0)
      railties (>= 3.0, < 5.0)
      thor (>= 0.14, < 2.0)
    json (1.8.1)
    jwt (1.0.0)
    kaminari (0.15.1)
      actionpack (>= 3.0.0)
      activesupport (>= 3.0.0)
    kgio (2.9.2)
    koala (1.9.0)
      addressable
      faraday
      multi_json
    macaddr (1.6.7)
      systemu (~> 2.6.2)
    mail (2.6.3)
      mime-types (>= 1.16, < 3)
    memcachier (0.0.2)
    memoizable (0.4.1)
      thread_safe (~> 0.2.0)
    mime-types (1.25.1)
    mini_magick (3.5.0)
      subexec (~> 0.2.1)
    mini_portile (0.5.2)
    minitest (5.4.3)
    multi_json (1.10.1)
    multi_xml (0.5.5)
    multipart-post (2.0.0)
    naught (1.0.0)
    net-scp (1.1.2)
      net-ssh (>= 2.6.5)
    net-ssh (2.8.0)
    newrelic_rpm (3.7.3.199)
    nokogiri (1.6.1)
      mini_portile (~> 0.5.0)
    oauth (0.4.7)
    oauth2 (0.9.4)
      faraday (>= 0.8, < 0.10)
      jwt (~> 1.0)
      multi_json (~> 1.3)
      multi_xml (~> 0.5)
      rack (~> 1.2)
    omniauth (1.2.1)
      hashie (>= 1.2, < 3)
      rack (~> 1.0)
    omniauth-facebook (1.6.0)
      omniauth-oauth2 (~> 1.1)
    omniauth-oauth (1.0.1)
      oauth
      omniauth (~> 1.0)
    omniauth-oauth2 (1.1.2)
      faraday (>= 0.8, < 0.10)
      multi_json (~> 1.3)
      oauth2 (~> 0.9.3)
      omniauth (~> 1.2)
    omniauth-twitter (1.0.1)
      multi_json (~> 1.3)
      omniauth-oauth (~> 1.0)
    orm_adapter (0.5.0)
    paper_trail (3.0.0)
      activerecord (>= 3.0, < 5.0)
      activesupport (>= 3.0, < 5.0)
    paranoia (2.0.2)
      activerecord (~> 4.0)
    pg (0.17.1)
    pg_array_parser (0.0.9)
    rack (1.5.2)
    rack-test (0.6.2)
      rack (>= 1.0)
    rails (4.1.8)
      actionmailer (= 4.1.8)
      actionpack (= 4.1.8)
      actionview (= 4.1.8)
      activemodel (= 4.1.8)
      activerecord (= 4.1.8)
      activesupport (= 4.1.8)
      bundler (>= 1.3.0, < 2.0)
      railties (= 4.1.8)
      sprockets-rails (~> 2.0)
    rails_12factor (0.0.2)
      rails_serve_static_assets
      rails_stdout_logging
    rails_serve_static_assets (0.0.2)
    rails_stdout_logging (0.0.3)
    railties (4.1.8)
      actionpack (= 4.1.8)
      activesupport (= 4.1.8)
      rake (>= 0.8.7)
      thor (>= 0.18.1, < 2.0)
    raindrops (0.13.0)
    rake (10.3.2)
    redcarpet (3.1.1)
    redis (3.0.7)
    redis-namespace (1.4.1)
      redis (~> 3.0.4)
    rest-client (1.6.7)
      mime-types (>= 1.16)
    role_model (0.8.1)
    sass (3.2.16)
    sass-rails (4.0.2)
      railties (>= 4.0.0, < 5.0)
      sass (~> 3.2.0)
      sprockets (~> 2.8, <= 2.11.0)
      sprockets-rails (~> 2.0.0)
    sidekiq (2.17.7)
      celluloid (>= 0.15.2)
      connection_pool (>= 1.0.0)
      json
      redis (>= 3.0.6)
      redis-namespace (>= 1.3.1)
    simple_oauth (0.2.0)
    sprockets (2.11.0)
      hike (~> 1.2)
      multi_json (~> 1.0)
      rack (~> 1.0)
      tilt (~> 1.1, != 1.3.0)
    sprockets-rails (2.0.1)
      actionpack (>= 3.0)
      activesupport (>= 3.0)
      sprockets (~> 2.8)
    stripe (1.14.0)
      json (~> 1.8.1)
      mime-types (~> 1.25)
      rest-client (~> 1.4)
    subexec (0.2.3)
    swagger-docs (0.1.9)
      activesupport (>= 3, < 5)
      rails (>= 3, < 5)
    systemu (2.6.4)
    thor (0.19.1)
    thread_safe (0.2.0)
      atomic (>= 1.1.7, < 2)
    tilt (1.4.1)
    timers (1.1.0)
    twitter (5.7.1)
      addressable (~> 2.3)
      buftok (~> 0.2.0)
      equalizer (~> 0.0.9)
      faraday (~> 0.9.0)
      http (~> 0.5.0)
      http_parser.rb (~> 0.6.0)
      json (~> 1.8)
      memoizable (~> 0.4.0)
      naught (~> 1.0)
      simple_oauth (~> 0.2.0)
    tzinfo (1.2.2)
      thread_safe (~> 0.1)
    uglifier (1.3.0)
      execjs (>= 0.3.0)
      multi_json (~> 1.0, >= 1.0.2)
    unf (0.1.3)
      unf_ext
    unf_ext (0.0.6)
    unicorn (4.8.2)
      kgio (~> 2.6)
      rack
      raindrops (~> 0.7)
    unicorn-worker-killer (0.4.2)
      unicorn (~> 4)
    uuid (2.3.7)
      macaddr (~> 1.0)
    warden (1.2.3)
      rack (>= 1.0)

PLATFORMS
  ruby

DEPENDENCIES
  acts_as_list
  acts_as_tree
  airbrake
  asset_sync
  bourbon
  cancan
  carrierwave
  certified
  configatron
  dalli
  devise
  easypost
  elasticsearch-model
  elasticsearch-rails
  fog
  jquery-fileupload-rails
  jquery-rails
  kaminari
  koala (= 1.9.0)
  memcachier
  mini_magick (= 3.5.0)
  newrelic_rpm
  omniauth
  omniauth-facebook
  omniauth-twitter
  paper_trail
  paranoia
  pg
  pg_array_parser
  rails (= 4.1.8)
  rails_12factor
  redcarpet
  role_model
  sass-rails (~> 4.0.0)
  sidekiq
  stripe
  swagger-docs
  twitter (= 5.7.1)
  uglifier (~> 1.3)
  unf
  unicorn
  unicorn-worker-killer
  uuid
  vider!
